PATH
  remote: ../tic_tac_toe
  specs:
    tic_tac_toe (0.0.2)

GEM
  remote: https://rubygems.org/
  specs:

PLATFORMS
  ruby

DEPENDENCIES
  tic_tac_toe!
