GIT
  remote: https://github.com/mthoover1/tic-tac-toe.git
  revision: f519bf323ad2ddae76c9994af1ed55fbfe8b4bca
  specs:
    tic_tac_toe (0.0.2)

GEM
  specs:
    diff-lcs (1.2.4)
    rspec (2.14.1)
      rspec-core (~> 2.14.0)
      rspec-expectations (~> 2.14.0)
      rspec-mocks (~> 2.14.0)
    rspec-core (2.14.5)
    rspec-expectations (2.14.3)
      diff-lcs (>= 1.1.3, < 2.0)
    rspec-mocks (2.14.3)

PLATFORMS
  ruby

DEPENDENCIES
  rspec
  tic_tac_toe!
